GEM
  remote: https://rubygems.org/
  specs:
    docker-api (1.33.6)
      excon (>= 0.38.0)
      json
    docker-compose-api (1.1.5)
      docker-api (~> 1.33)
    excon (0.57.1)
    json (2.1.0)

PLATFORMS
  ruby

DEPENDENCIES
  docker-api (~> 1.33)
  docker-compose-api (~> 1.1)

BUNDLED WITH
   1.15.2
